GEM
  remote: https://rubygems.org/
  specs:
    activemodel (4.2.1)
      activesupport (= 4.2.1)
      builder (~> 3.1)
    activerecord (4.2.1)
      activemodel (= 4.2.1)
      activesupport (= 4.2.1)
      arel (~> 6.0)
    activesupport (4.2.1)
      i18n (~> 0.7)
      json (~> 1.7, >= 1.7.7)
      minitest (~> 5.1)
      thread_safe (~> 0.3, >= 0.3.4)
      tzinfo (~> 1.1)
    arel (6.0.0)
    builder (3.2.2)
    filewatcher (0.4.0)
      trollop (~> 2.0)
    i18n (0.7.0)
    json (1.8.2)
    minitest (5.5.1)
    mysql2 (0.3.18)
    power_assert (0.2.3)
    taglib-ruby (0.7.0)
    test-unit (3.0.9)
      power_assert
    thread_safe (0.3.5)
    trollop (2.1.2)
    tzinfo (1.2.2)
      thread_safe (~> 0.1)

PLATFORMS
  ruby

DEPENDENCIES
  activerecord
  filewatcher
  mysql2
  taglib-ruby
  test-unit
